GEM
  remote: https://rubygems.org/
  specs:
    asciidoctor (2.0.23)
    asciidoctor-revealjs (5.1.0)
      asciidoctor (>= 2.0.0, < 3.0.0)

PLATFORMS
  ruby
  x86_64-linux

DEPENDENCIES
  asciidoctor-revealjs

BUNDLED WITH
   2.5.16
